GEM
  remote: http://rubygems.org/
  specs:
    activemodel (3.2.17)
      activesupport (= 3.2.17)
      builder (~> 3.0.0)
    activesupport (3.2.17)
      i18n (~> 0.6, >= 0.6.4)
      multi_json (~> 1.0)
    addressable (2.3.5)
    arrayfields (4.9.2)
    builder (3.0.4)
    chronic (0.10.2)
    churn (0.0.35)
      chronic (>= 0.2.3)
      hirb
      json_pure
      main
      rest-client (>= 1.6.0)
      ruby_parser (~> 3.0)
      sexp_processor (~> 4.1)
    coderay (1.1.0)
    diff-lcs (1.2.5)
    fakefs (0.5.2)
    fattr (2.2.2)
    gimme (0.5.0)
    hirb (0.7.1)
    i18n (0.6.9)
    json (1.8.1)
    json_pure (1.8.1)
    main (5.3.2)
      arrayfields (>= 4.7.4)
      chronic (>= 0.6.2)
      fattr (>= 2.2.0)
      map (>= 5.1.0)
      pry (>= 0.9)
    map (6.5.3)
    method_source (0.8.2)
    mime-types (2.1)
    multi_json (1.9.0)
    oauth (0.4.7)
    pry (0.9.12.6)
      coderay (~> 1.0)
      method_source (~> 0.8)
      slop (~> 3.4)
    rake (10.1.1)
    rest-client (1.6.7)
      mime-types (>= 1.16)
    rspec (2.14.1)
      rspec-core (~> 2.14.0)
      rspec-expectations (~> 2.14.0)
      rspec-mocks (~> 2.14.0)
    rspec-core (2.14.8)
    rspec-expectations (2.14.5)
      diff-lcs (>= 1.1.3, < 2.0)
    rspec-mocks (2.14.6)
    ruby-trello (1.1.0)
      activemodel (~> 3.2.0)
      addressable (~> 2.3)
      json
      oauth (~> 0.4.5)
      rest-client (~> 1.6.7)
    ruby_parser (3.4.1)
      sexp_processor (~> 4.1)
    sexp_processor (4.4.1)
    slop (3.5.0)
    trollop (2.0)

PLATFORMS
  ruby

DEPENDENCIES
  churn
  fakefs
  gimme
  rake
  rspec
  ruby-trello
  trollop
